GEM
  remote: https://rubygems.org/
  specs:
    dotenv (2.7.5)
    facebook-messenger (1.4.1)
      httparty (~> 0.13, >= 0.13.7)
      rack (>= 1.4.5)
    httparty (0.17.1)
      mime-types (~> 3.0)
      multi_xml (>= 0.5.2)
    mime-types (3.3)
      mime-types-data (~> 3.2015)
    mime-types-data (3.2019.1009)
    multi_xml (0.6.0)
    mustermann (1.0.3)
    nio4r (2.5.2)
    puma (4.2.1)
      nio4r (~> 2.0)
    rack (2.0.7)
    rack-protection (2.0.7)
      rack
    rubotnik (0.2.3)
      dotenv
      facebook-messenger
      httparty
      puma
      sinatra
      thor
    sinatra (2.0.7)
      mustermann (~> 1.0)
      rack (~> 2.0)
      rack-protection (= 2.0.7)
      tilt (~> 2.0)
    thor (0.20.3)
    tilt (2.0.10)

PLATFORMS
  ruby

DEPENDENCIES
  rubotnik

BUNDLED WITH
   1.17.2
